GEM
  remote: https://rubygems.org/
  specs:
    addressable (2.3.5)
    ast (1.1.0)
    builder (3.2.2)
    coderay (1.0.9)
    coveralls (0.7.0)
      multi_json (~> 1.3)
      rest-client
      simplecov (>= 0.7)
      term-ansicolor
      thor
    crack (0.4.1)
      safe_yaml (~> 0.9.0)
    excon (0.25.3)
    faraday (0.8.8)
      multipart-post (~> 1.2.0)
    ffi (1.9.0)
    fog (1.15.0)
      builder
      excon (~> 0.25.0)
      formatador (~> 0.2.0)
      mime-types
      multi_json (~> 1.0)
      net-scp (~> 1.1)
      net-ssh (>= 2.1.3)
      nokogiri (~> 1.5)
      ruby-hmac
    formatador (0.2.4)
    git (1.2.6)
    github_api (0.10.1)
      addressable
      faraday (~> 0.8.1)
      hashie (>= 1.2)
      multi_json (~> 1.4)
      nokogiri (~> 1.5.2)
      oauth2
    growl (1.0.3)
    guard (1.8.3)
      formatador (>= 0.2.4)
      listen (~> 1.3)
      lumberjack (>= 1.0.2)
      pry (>= 0.9.10)
      thor (>= 0.14.6)
    guard-rake (0.0.9)
      guard
      rake
    guard-rubocop (0.2.2)
      guard (~> 1.8)
      rubocop (~> 0.10)
    hashie (2.0.5)
    highline (1.6.19)
    httparty (0.11.0)
      multi_json (~> 1.0)
      multi_xml (>= 0.5.2)
    httpauth (0.2.0)
    jeweler (1.8.7)
      builder
      bundler (~> 1.0)
      git (>= 1.2.5)
      github_api (= 0.10.1)
      highline (>= 1.6.15)
      nokogiri (= 1.5.10)
      rake
      rdoc
    json (1.8.0)
    jwt (0.1.8)
      multi_json (>= 1.5)
    listen (1.3.1)
      rb-fsevent (>= 0.9.3)
      rb-inotify (>= 0.9)
      rb-kqueue (>= 0.2)
    log4r (1.1.10)
    lumberjack (1.0.4)
    method_source (0.8.2)
    mime-types (1.25)
    minitest (5.0.8)
    multi_json (1.8.0)
    multi_xml (0.5.5)
    multipart-post (1.2.0)
    net-scp (1.1.2)
      net-ssh (>= 2.6.5)
    net-ssh (2.7.0)
    nokogiri (1.5.10)
    oauth2 (0.9.2)
      faraday (~> 0.8)
      httpauth (~> 0.2)
      jwt (~> 0.1.4)
      multi_json (~> 1.0)
      multi_xml (~> 0.5)
      rack (~> 1.2)
    parser (2.0.0.pre8)
      ast (~> 1.1)
      slop (~> 3.4, >= 3.4.5)
    powerpack (0.0.8)
    pry (0.9.12.2)
      coderay (~> 1.0.5)
      method_source (~> 0.8)
      slop (~> 3.4)
    rack (1.5.2)
    rainbow (1.1.4)
    rake (10.1.0)
    rb-fsevent (0.9.3)
    rb-inotify (0.9.2)
      ffi (>= 0.5.0)
    rb-kqueue (0.2.0)
      ffi (>= 0.5.0)
    rdoc (3.12.2)
      json (~> 1.4)
    rest-client (1.6.7)
      mime-types (>= 1.16)
    rubocop (0.13.1)
      parser (~> 2.0.0.pre6)
      powerpack (~> 0.0.6)
      rainbow (>= 1.1.4)
    ruby-hmac (0.4.0)
    safe_yaml (0.9.7)
    simplecov (0.7.1)
      multi_json (~> 1.0)
      simplecov-html (~> 0.7.1)
    simplecov-html (0.7.1)
    slop (3.4.6)
    term-ansicolor (1.2.2)
      tins (~> 0.8)
    thor (0.18.1)
    tins (0.10.0)
    webmock (1.13.0)
      addressable (>= 2.2.7)
      crack (>= 0.3.2)
    yajl-ruby (1.1.0)

PLATFORMS
  ruby

DEPENDENCIES
  bundler (~> 1.3.5)
  coveralls
  fog (~> 1.15.0)
  growl (~> 1.0.3)
  guard (~> 1.8.2)
  guard-rake (~> 0.0.9)
  guard-rubocop (~> 0.2.2)
  httparty (~> 0.11.0)
  jeweler (~> 1.8.7)
  log4r (~> 1.1.10)
  minitest (~> 5.0.3)
  net-ssh (~> 2.7.0)
  pry (~> 0.9.12)
  rb-fsevent (~> 0.9)
  rb-inotify (~> 0.9)
  rdoc (~> 3.12)
  rubocop (~> 0.13.0)
  simplecov
  thor (~> 0.18.1)
  webmock (~> 1.13.0)
  yajl-ruby (~> 1.1.0)
